PATH
  remote: .
  specs:
    method-not-implemented (1.0.1)

GEM
  remote: https://rubygems.org/
  specs:
    power_assert (1.0.2)
    rake (12.0.0)
    test-unit (3.2.5)
      power_assert

PLATFORMS
  ruby

DEPENDENCIES
  bundler (~> 1.7)
  method-not-implemented!
  rake (~> 12.0)
  test-unit (~> 3.2)

BUNDLED WITH
   1.15.3
